GEM
  remote: https://rubygems.org/
  specs:
    ast (2.4.2)
    backport (1.2.0)
    benchmark (0.4.0)
    cli-ui (2.2.3)
    coderay (1.1.3)
    debug (1.8.0)
      irb (>= 1.5.0)
      reline (>= 0.3.1)
    diff-lcs (1.5.1)
    e2mmap (0.1.0)
    google-protobuf (3.25.0)
    google-protobuf (3.25.0-aarch64-linux)
    google-protobuf (3.25.0-arm64-darwin)
    google-protobuf (3.25.0-x86-linux)
    google-protobuf (3.25.0-x86_64-darwin)
    google-protobuf (3.25.0-x86_64-linux)
    io-console (0.6.0)
    irb (1.8.3)
      rdoc
      reline (>= 0.3.8)
    jaro_winkler (1.6.0)
    json (2.8.1)
    kramdown (2.4.0)
      rexml
    kramdown-parser-gfm (1.1.0)
      kramdown (~> 2.0)
    language_server-protocol (3.17.0.3)
    little-plugger (1.1.4)
    logger (1.6.1)
    logging (2.4.0)
      little-plugger (~> 1.1)
      multi_json (~> 1.14)
    method_source (1.1.0)
    multi_json (1.15.0)
    nokogiri (1.16.7-aarch64-linux)
      racc (~> 1.4)
    nokogiri (1.16.7-arm-linux)
      racc (~> 1.4)
    nokogiri (1.16.7-arm64-darwin)
      racc (~> 1.4)
    nokogiri (1.16.7-x86-linux)
      racc (~> 1.4)
    nokogiri (1.16.7-x86_64-darwin)
      racc (~> 1.4)
    nokogiri (1.16.7-x86_64-linux)
      racc (~> 1.4)
    parallel (1.26.3)
    parseconfig (1.1.2)
    parser (3.3.6.0)
      ast (~> 2.4.1)
      racc
    pastel (0.8.0)
      tty-color (~> 0.5)
    prism (1.2.0)
    pry (0.14.2)
      coderay (~> 1.1)
      method_source (~> 1.0)
    pry-doc (1.5.0)
      pry (~> 0.11)
      yard (~> 0.9.11)
    psych (5.1.1.1)
      stringio
    racc (1.8.1)
    rainbow (3.1.1)
    rake (13.2.1)
    rbs (3.6.1)
      logger
    rdoc (6.5.0)
      psych (>= 4.0.0)
    regexp_parser (2.9.2)
    reline (0.3.9)
      io-console (~> 0.5)
    reverse_markdown (2.1.1)
      nokogiri
    rexml (3.3.9)
    rubocop (1.68.0)
      json (~> 2.3)
      language_server-protocol (>= 3.17.0)
      parallel (~> 1.10)
      parser (>= 3.3.0.2)
      rainbow (>= 2.2.2, < 4.0)
      regexp_parser (>= 2.4, < 3.0)
      rubocop-ast (>= 1.32.2, < 2.0)
      ruby-progressbar (~> 1.7)
      unicode-display_width (>= 2.4.0, < 3.0)
    rubocop-ast (1.34.1)
      parser (>= 3.3.1.0)
    ruby-lsp (0.21.3)
      language_server-protocol (~> 3.17.0)
      prism (>= 1.2, < 2.0)
      rbs (>= 3, < 4)
      sorbet-runtime (>= 0.5.10782)
    ruby-progressbar (1.13.0)
    solargraph (0.48.0)
      backport (~> 1.2)
      benchmark
      bundler (>= 1.17.2)
      diff-lcs (~> 1.4)
      e2mmap
      jaro_winkler (~> 1.5)
      kramdown (~> 2.3)
      kramdown-parser-gfm (~> 1.1)
      parser (~> 3.0)
      reverse_markdown (>= 1.0.5, < 3)
      rubocop (>= 0.52)
      thor (~> 1.0)
      tilt (~> 2.0)
      yard (~> 0.9, >= 0.9.24)
    sorbet-runtime (0.5.11116)
    stringio (3.0.8)
    strings (0.2.1)
      strings-ansi (~> 0.2)
      unicode-display_width (>= 1.5, < 3.0)
      unicode_utils (~> 1.4)
    strings-ansi (0.2.0)
    thor (1.3.2)
    tilt (2.4.0)
    tty-box (0.7.0)
      pastel (~> 0.8)
      strings (~> 0.2.0)
      tty-cursor (~> 0.7)
    tty-color (0.6.0)
    tty-cursor (0.7.1)
    tty-pager (0.14.0)
      strings (~> 0.2.0)
      tty-screen (~> 0.8)
    tty-progressbar (0.18.3)
      strings-ansi (~> 0.2)
      tty-cursor (~> 0.7)
      tty-screen (~> 0.8)
      unicode-display_width (>= 1.6, < 3.0)
    tty-prompt (0.23.1)
      pastel (~> 0.8)
      tty-reader (~> 0.8)
    tty-reader (0.9.0)
      tty-cursor (~> 0.7)
      tty-screen (~> 0.8)
      wisper (~> 2.0)
    tty-screen (0.8.2)
    tty-spinner (0.9.3)
      tty-cursor (~> 0.7)
    unicode-display_width (2.6.0)
    unicode_utils (1.4.0)
    wisper (2.0.1)
    yard (0.9.37)

PLATFORMS
  aarch64-linux
  arm-linux
  arm64-darwin
  x86-linux
  x86_64-darwin
  x86_64-linux

DEPENDENCIES
  cli-ui
  debug (= 1.8.0)
  google-protobuf (= 3.25.0)
  io-console (= 0.6.0)
  irb (= 1.8.3)
  logging
  parseconfig
  pry
  pry-doc
  psych (= 5.1.1.1)
  rake
  rdoc (= 6.5.0)
  reline (= 0.3.9)
  rubocop
  ruby-lsp
  solargraph (~> 0.48.0)
  sorbet-runtime (= 0.5.11116)
  stringio (= 3.0.8)
  tty-box (~> 0.7.0)
  tty-pager (~> 0.14.0)
  tty-progressbar
  tty-prompt (~> 0.23.1)
  tty-spinner (~> 0.9.3)

BUNDLED WITH
   2.5.22
